GIT
  remote: https://github.com/metanorma/metanorma-standoc
  revision: 8ce9c44014b35ac3d91f64ced8d122779d16ef65
  branch: main
  specs:
    metanorma-standoc (3.1.5)
      addressable (~> 2.8.0)
      asciidoctor (~> 2.0.0)
      concurrent-ruby
      crass (~> 1.0.0)
      iev (~> 0.3.5)
      isodoc (~> 3.2.0)
      metanorma (>= 1.6.0)
      metanorma-plugin-glossarist (~> 0.2.3)
      metanorma-plugin-lutaml (~> 0.7.31)
      metanorma-plugin-plantuml (~> 1.0.0)
      metanorma-utils (~> 1.11.0)
      pngcheck
      relaton-cli (~> 1.20.0)
      relaton-iev (~> 1.2.0)
      ruby-jing

PATH
  remote: .
  specs:
    metanorma-plugin-plantuml (1.0.3)
      asciidoctor
      isodoc

GEM
  remote: https://rubygems.org/
  specs:
    activesupport (7.2.2.2)
      base64
      benchmark (>= 0.3)
      bigdecimal
      concurrent-ruby (~> 1.0, >= 1.3.1)
      connection_pool (>= 2.2.5)
      drb
      i18n (>= 1.6, < 2)
      logger (>= 1.4.2)
      minitest (>= 5.1)
      securerandom (>= 0.3)
      tzinfo (~> 2.0, >= 2.0.5)
    addressable (2.8.7)
      public_suffix (>= 2.0.2, < 7.0)
    algolia (2.3.4)
      faraday (>= 0.15, < 3)
      faraday-net_http_persistent (>= 0.15, < 3)
      multi_json (~> 1.0)
      net-http-persistent
    arr-pm (0.0.12)
    asciidoctor (2.0.23)
    ast (2.4.3)
    base64 (0.3.0)
    bcp47_spec (0.2.1)
    benchmark (0.4.1)
    benchmark-ips (2.14.0)
    bibtex-ruby (6.1.0)
      latex-decode (~> 0.0)
      racc (~> 1.7)
    bigdecimal (3.2.3)
    byebug (12.0.0)
    camertron-eprun (1.1.1)
    canon (0.1.3)
      compare-xml
      diffy
      json
      nokogiri
    cgi (0.5.0)
    cldr-plurals-runtime-rb (1.1.0)
    cliver (0.3.2)
    cnccs (0.1.6)
    compare-xml (0.66)
      nokogiri (~> 1.8)
    concurrent-ruby (1.3.5)
    connection_pool (2.4.1)
    coradoc (1.1.7)
      base64
      marcel (~> 1.0.0)
      nokogiri (~> 1.13)
      oscal (~> 0.1.1)
      parslet
      plurimath
      thor (>= 1.3.0)
      unitsml
      word-to-markdown
    crack (1.0.0)
      bigdecimal
      rexml
    crass (1.0.6)
    creek (2.6.3)
      nokogiri (>= 1.10.0)
      rubyzip (>= 1.0.0)
    css_parser (1.21.1)
      addressable
    csv (3.3.5)
    date (3.4.1)
    debug (1.11.0)
      irb (~> 1.10)
      reline (>= 0.3.8)
    descriptive_statistics (2.5.1)
    diff-lcs (1.6.2)
    diffy (3.4.4)
    docile (1.4.1)
    domain_name (0.6.20240107)
    down (5.4.2)
      addressable (~> 2.8)
    drb (2.2.3)
    ebnf (2.6.0)
      base64 (~> 0.2)
      htmlentities (~> 4.3)
      rdf (~> 3.3)
      scanf (~> 1.0)
      sxp (~> 2.0)
      unicode-types (~> 1.8)
    emf2svg (1.4.3-x86_64-linux)
      ffi (~> 1.0)
    erb (4.0.4)
      cgi (>= 0.3.3)
    excavate (0.3.7)
      arr-pm (~> 0.0)
      bundler (~> 2.3, >= 2.3.24)
      ffi-compiler2 (>= 2.2.2)
      ffi-libarchive-binary (~> 0.3)
      libmspack (~> 0.1)
      ruby-ole (~> 1.0)
      rubyzip (~> 2.3)
      seven-zip (~> 1.4)
      thor (~> 1.0)
    expressir (2.1.25)
      base64
      benchmark-ips
      csv
      liquid
      lutaml-model
      parslet (~> 2.0)
      ruby-progressbar (~> 1.11)
      terminal-table (~> 3.0)
      thor (~> 1.0)
    extract_ttc (0.3.6-x86_64-linux)
      bundler (~> 2.3, >= 2.3.22)
      ffi (~> 1.0)
      rake (~> 13)
    faraday (2.7.12)
      base64
      faraday-net_http (>= 2.0, < 3.1)
      ruby2_keywords (>= 0.0.4)
    faraday-follow_redirects (0.3.0)
      faraday (>= 1, < 3)
    faraday-net_http (3.0.2)
    faraday-net_http_persistent (2.3.1)
      faraday (~> 2.5)
      net-http-persistent (>= 4.0.4, < 5)
    ffi (1.17.2-x86_64-linux-gnu)
    ffi-compiler2 (2.3.0)
      ffi (>= 1.0.0)
      rake
    ffi-libarchive (1.1.14)
      ffi (~> 1.0)
    ffi-libarchive-binary (0.4.1-x86_64-linux)
      bundler (~> 2.3, >= 2.3.22)
      ffi (~> 1.0)
      ffi-libarchive (~> 1.0)
      rake (~> 13.0)
    fiber-storage (1.0.1)
    fontist (1.21.4)
      down (~> 5.0)
      excavate (~> 0.3, >= 0.3.4)
      extract_ttc (~> 0.1)
      fuzzy_match (~> 2.1)
      git (~> 1.0)
      json (~> 2.0)
      mime-types (~> 3.0)
      nokogiri (~> 1.0)
      plist (~> 3.0)
      socksify (~> 1.7)
      sys-uname (~> 1.2)
      thor (~> 1.2, >= 1.2.1)
      ttfunk (~> 1.6)
    fuzzy_match (2.1.0)
    gb-agencies (0.0.7)
    git (1.19.1)
      addressable (~> 2.8)
      rchardet (~> 1.8)
    glossarist (2.3.11)
      lutaml-model (~> 0.7)
      relaton (~> 1.19)
      thor
    graphql (2.5.11)
      base64
      fiber-storage
      logger
    graphql-client (0.26.0)
      activesupport (>= 3.0)
      graphql (>= 1.13.0)
    hashdiff (1.2.1)
    hashie (4.1.0)
    hollaback (0.1.1)
    html2doc (1.10.0)
      base64
      htmlentities (~> 4.3.4)
      lutaml-model (~> 0.7.0)
      metanorma-utils (>= 1.9.0)
      mime-types
      nokogiri (~> 1.18.3)
      plane1converter (~> 0.0.1)
      plurimath (~> 0.9.0)
      thread_safe
      unitsml
      uuidtools
      vectory (~> 0.8)
    htmlentities (4.3.4)
    http-cookie (1.0.8)
      domain_name (~> 0.5)
    i18n (1.14.7)
      concurrent-ruby (~> 1.0)
    ieee-idams (0.2.14)
      lutaml-model (~> 0.7)
      nokogiri
      thor
    iev (0.3.6)
      creek (~> 2.5)
      glossarist (>= 2.3.0)
      nokogiri (>= 1.16.5)
      plurimath
      relaton (~> 1.18)
      sequel (~> 5.40)
      sqlite3 (~> 1.7.0)
      thor (~> 1.0)
      unitsml
      zeitwerk (~> 2.4)
    image_size (3.4.0)
    io-console (0.8.1)
    irb (1.15.2)
      pp (>= 0.6.0)
      rdoc (>= 4.0.0)
      reline (>= 0.4.2)
    iso639 (1.3.3)
    isodoc (3.2.6)
      base64
      bigdecimal
      html2doc (~> 1.10.0)
      mn-requirements (~> 0.5.0)
      mn2pdf (>= 2.13)
      relaton-render (~> 0.9.0)
      roman-numerals
      rouge (~> 4.0)
      thread_safe
      twitter_cldr (>= 6.6.0)
      uuidtools
    isodoc-i18n (1.3.2)
      base64
      htmlentities (~> 4.3.4)
      liquid (~> 5)
      metanorma-utils (>= 1.7.0)
      twitter_cldr
    isoics (0.1.13)
    json (2.13.2)
    language_server-protocol (3.17.0.5)
    latex-decode (0.4.0)
    libmspack (0.11.0)
      ffi
      ffi-compiler2 (>= 2.0.0)
    lightly (0.4.0)
    link_header (0.0.8)
    lint_roller (1.1.0)
    liquid (5.8.7)
      bigdecimal
      strscan (>= 3.1.1)
    loc_mods (0.2.7)
      lutaml-model (~> 0.5)
      nokogiri
      thor
    logger (1.6.6)
    lutaml (0.9.41)
      expressir (~> 2.1.0)
      hashie (~> 4.1.0)
      htmlentities
      liquid
      lutaml-model
      lutaml-path
      lutaml-xsd
      nokogiri (~> 1.10)
      parslet (~> 2.0.0)
      ruby-graphviz (~> 1.2)
      thor (~> 1.0)
      xmi (~> 0.3.20)
    lutaml-hal (0.1.10)
      faraday (~> 2.0)
      faraday-follow_redirects (~> 0.3)
      lutaml-model
      rainbow (~> 3.0)
    lutaml-model (0.7.7)
      moxml (>= 0.1.2)
      thor
    lutaml-path (0.1.0)
      parslet
    lutaml-xsd (1.0.4)
      lutaml-model (~> 0.7)
      zeitwerk
    marcel (1.0.4)
    matrix (0.4.3)
    mechanize (2.14.0)
      addressable (~> 2.8)
      base64
      domain_name (~> 0.5, >= 0.5.20190701)
      http-cookie (~> 1.0, >= 1.0.3)
      mime-types (~> 3.3)
      net-http-digest_auth (~> 1.4, >= 1.4.1)
      net-http-persistent (>= 2.5.2, < 5.0.dev)
      nkf
      nokogiri (~> 1.11, >= 1.11.2)
      rubyntlm (~> 0.6, >= 0.6.3)
      webrick (~> 1.7)
      webrobots (~> 0.1.2)
    memoist3 (1.0.0)
    metanorma (2.2.3)
      asciidoctor
      concurrent-ruby
      fontist (>= 1.14.3)
      htmlentities
      isodoc (>= 3.0.0)
      metanorma-taste (~> 0.1.0)
      mn2pdf (~> 2)
      nokogiri
    metanorma-plugin-glossarist (0.2.9)
      asciidoctor
      glossarist (~> 2.3.7)
      liquid
    metanorma-plugin-lutaml (0.7.36)
      asciidoctor
      coradoc (~> 1.1)
      expressir (~> 2.1)
      isodoc
      liquid
      lutaml (~> 0.9)
      ogc-gml (~> 1.0.0)
      relaton-cli
    metanorma-taste (0.1.2)
      lutaml-model (~> 0.7)
    metanorma-utils (1.11.7)
      asciidoctor (>= 2)
      concurrent-ruby
      csv
      htmlentities (~> 4.3.4)
      nokogiri (>= 1.11)
      sterile (~> 1.0.14)
      uuidtools
    mime-types (3.7.0)
      logger
      mime-types-data (~> 3.2025, >= 3.2025.0507)
    mime-types-data (3.2025.0909)
    mini_portile2 (2.8.9)
    minitest (5.25.5)
    mml (2.0.3)
      lutaml-model
      moxml
    mn-requirements (0.5.4)
      isodoc-i18n (>= 1.1.0)
      metanorma-utils (>= 0.10.0)
      relaton-render (>= 0.9.0)
    mn2pdf (2.31)
    moxml (0.1.7)
    multi_json (1.15.0)
    net-ftp (0.1.4)
      net-protocol
      time
    net-http-digest_auth (1.4.1)
    net-http-persistent (4.0.6)
      connection_pool (~> 2.2, >= 2.2.4)
    net-protocol (0.2.2)
      timeout
    nkf (0.2.0)
    nokogiri (1.18.9-x86_64-linux-gnu)
      racc (~> 1.4)
    nokogiri-styles (0.1.2)
      nokogiri
    octokit (10.0.0)
      faraday (>= 1, < 3)
      sawyer (~> 0.9)
    ogc-gml (1.0.4)
      lutaml-model (~> 0.7)
      nokogiri
    optout (0.0.2)
    oscal (0.1.1)
      yaml
    ostruct (0.6.3)
    ox (2.14.23)
      bigdecimal (>= 3.0)
    parallel (1.27.0)
    parser (3.3.9.0)
      ast (~> 2.4.1)
      racc
    parslet (2.0.0)
    plane1converter (0.0.1)
    plist (3.7.2)
    plurimath (0.9.10)
      bigdecimal
      lutaml-model
      mml
      ox
      parslet
      thor
      unitsml
    pngcheck (0.3.1-x86_64-linux)
      bundler (~> 2.3, >= 2.3.22)
      ffi (~> 1.0)
      rake (~> 13.0)
    pp (0.6.2)
      prettyprint
    premailer (1.27.0)
      addressable
      css_parser (>= 1.19.0)
      htmlentities (>= 4.0.0)
    prettyprint (0.2.0)
    prism (1.4.0)
    psych (5.2.6)
      date
      stringio
    pubid (0.1.2)
      pubid-bsi (~> 0.3.4)
      pubid-ccsds (~> 0.1.3)
      pubid-cen (~> 0.2.4)
      pubid-core (~> 1.12.5)
      pubid-etsi (~> 0.1.0)
      pubid-iec (~> 0.3.1)
      pubid-ieee (~> 0.2.2)
      pubid-iso (~> 0.7.5)
      pubid-itu (~> 0.1.0)
      pubid-jis (~> 0.3.2)
      pubid-nist (~> 0.4.0)
    pubid-bsi (0.3.4)
      parslet
      pubid-cen (~> 0.2.4)
      pubid-core (~> 1.12.5)
      pubid-iec (~> 0.3.1)
      pubid-iso (~> 0.7.5)
    pubid-ccsds (0.1.6)
      parslet
      pubid-core (~> 1.12.6)
    pubid-cen (0.2.4)
      parslet
      pubid-core (~> 1.12.5)
      pubid-iec (~> 0.3.1)
      pubid-iso (~> 0.7)
    pubid-core (1.12.11)
      parslet
    pubid-etsi (0.1.0)
      parslet
      pubid-core (~> 1.12.2)
    pubid-iec (0.3.2)
      parslet
      pubid-core (~> 1.12.2)
    pubid-ieee (0.2.2)
      parslet (~> 2.0.0)
      pubid-iso (~> 0.7)
    pubid-iso (0.7.8)
      parslet
      pubid-core (~> 1.12.5)
    pubid-itu (0.1.3)
      parslet
      pubid-core (~> 1.12.2)
    pubid-jis (0.3.2)
      parslet
      pubid-core (~> 1.12.2)
    pubid-nist (0.4.2)
      lightly
      nokogiri
      parslet
      pubid-core (~> 1.12.2)
      rubyzip
      thor
    public_suffix (6.0.2)
    racc (1.8.1)
    rainbow (3.1.1)
    rake (13.3.0)
    rchardet (1.10.0)
    rdf (3.3.4)
      bcp47_spec (~> 0.2)
      bigdecimal (~> 3.1, >= 3.1.5)
      link_header (~> 0.0, >= 0.0.8)
      logger (~> 1.5)
      ostruct (~> 0.6)
      readline (~> 0.0)
    rdf-turtle (3.3.1)
      base64 (~> 0.2)
      bigdecimal (~> 3.1, >= 3.1.5)
      ebnf (~> 2.5)
      rdf (~> 3.3)
    rdoc (6.14.2)
      erb
      psych (>= 4.0.0)
    readline (0.0.4)
      reline
    regexp_parser (2.11.2)
    relaton (1.20.1)
      relaton-3gpp (~> 1.20.0)
      relaton-bipm (~> 1.20.0)
      relaton-bsi (~> 1.20.0)
      relaton-calconnect (~> 1.20.0)
      relaton-ccsds (~> 1.20.2)
      relaton-cen (~> 1.20.0)
      relaton-cie (~> 1.20.0)
      relaton-doi (~> 1.20.0)
      relaton-ecma (~> 1.20.0)
      relaton-etsi (~> 1.20.0)
      relaton-gb (~> 1.20.0)
      relaton-iana (~> 1.20.0)
      relaton-iec (~> 1.20.0)
      relaton-ieee (~> 1.20.0)
      relaton-ietf (~> 1.20.0)
      relaton-iho (~> 1.20.0)
      relaton-isbn (~> 1.20.0)
      relaton-iso (~> 1.20.0)
      relaton-itu (~> 1.20.0)
      relaton-jis (~> 1.20.0)
      relaton-nist (~> 1.20.0)
      relaton-oasis (~> 1.20.0)
      relaton-ogc (~> 1.20.0)
      relaton-omg (~> 1.20.0)
      relaton-plateau (~> 1.20.0)
      relaton-un (~> 1.20.0)
      relaton-w3c (~> 1.20.0)
      relaton-xsf (~> 1.20.0)
    relaton-3gpp (1.20.0)
      csv
      net-ftp (~> 0.1.0)
      relaton-bib (~> 1.20.0)
      relaton-index (~> 0.2.0)
    relaton-bib (1.20.7)
      addressable
      bibtex-ruby
      htmlentities
      iso639
      nokogiri (~> 1.18.3)
      relaton-logger (~> 0.2.0)
    relaton-bipm (1.20.4)
      faraday (~> 2.7.0)
      mechanize (~> 2.10)
      parslet (~> 2.0.0)
      relaton-bib (~> 1.20.0)
      relaton-index (~> 0.2.2)
      rubyzip (~> 2.3.0)
    relaton-bsi (1.20.0)
      algolia (~> 2.3.0)
      faraday-net_http_persistent (~> 2.0)
      graphql (~> 2.3)
      graphql-client (~> 0.23)
      relaton-iso-bib (~> 1.20.0)
    relaton-calconnect (1.20.0)
      faraday (~> 2.7.0)
      relaton-bib (~> 1.20.0)
      relaton-index (~> 0.2.0)
    relaton-ccsds (1.20.2)
      mechanize (~> 2.10)
      pubid-ccsds (~> 0.1.6)
      relaton-bib (~> 1.20.0)
      relaton-index (~> 0.2.16)
    relaton-cen (1.20.1)
      mechanize (~> 2.10)
      relaton-iso-bib (~> 1.20.0)
    relaton-cie (1.20.0)
      mechanize (~> 2.10)
      parslet (~> 2.0.0)
      relaton-bib (~> 1.20.0)
      relaton-index (~> 0.2.0)
    relaton-cli (1.20.2)
      liquid (~> 5)
      relaton (~> 1.20.0)
      thor
      thor-hollaback
    relaton-doi (1.20.0)
      faraday (~> 2.7)
      relaton-bib (~> 1.20.0)
      relaton-bipm (~> 1.20.0)
      relaton-ieee (~> 1.20.0)
      relaton-ietf (~> 1.20.0)
      relaton-nist (~> 1.20.0)
    relaton-ecma (1.20.0)
      mechanize (~> 2.10)
      relaton-bib (~> 1.20.0)
      relaton-index (~> 0.2.4)
    relaton-etsi (1.20.1)
      csv (~> 3.0)
      relaton-bib (~> 1.20.0)
      relaton-index (~> 0.2.7)
    relaton-gb (1.20.1)
      cnccs (~> 0.1.1)
      connection_pool (~> 2.4.0)
      csv (~> 3.0)
      gb-agencies (~> 0.0.1)
      mechanize (~> 2.10)
      relaton-iso-bib (~> 1.20.0)
    relaton-iana (1.20.0)
      faraday (~> 2.7.0)
      relaton-bib (~> 1.20.0)
      relaton-index (~> 0.2.0)
    relaton-iec (1.20.0)
      addressable
      base64
      relaton-index (~> 0.2.0)
      relaton-iso-bib (~> 1.20.0)
      rubyzip
    relaton-ieee (1.20.2)
      faraday (~> 2.7.0)
      ieee-idams (~> 0.2.14)
      mini_portile2 (~> 2.8.0)
      relaton-bib (~> 1.20.0)
      relaton-index (~> 0.2.0)
      rubyzip (~> 2.3.0)
    relaton-ietf (1.20.0)
      base64
      relaton-bib (~> 1.20.0)
      relaton-index (~> 0.2.3)
    relaton-iev (1.2.1)
      htmlentities (~> 4.3.4)
      nokogiri (>= 1.13.0)
      relaton (>= 1.15)
      uuidtools
    relaton-iho (1.20.4)
      base64
      relaton-bib (~> 1.20.0)
      relaton-index (~> 0.2.0)
    relaton-index (0.2.16)
      pubid-core (~> 1.12.9)
      relaton-logger (~> 0.2.0)
      rubyzip (~> 2.3.0)
    relaton-isbn (1.20.1)
      relaton-bib (~> 1.20.0)
    relaton-iso (1.20.0)
      pubid (~> 0.1.1)
      relaton-index (~> 0.2.12)
      relaton-iso-bib (~> 1.20.0)
    relaton-iso-bib (1.20.0)
      isoics (~> 0.1.6)
      relaton-bib (~> 1.20.0)
    relaton-itu (1.20.2)
      mechanize (~> 2.10)
      parslet (~> 2.0.0)
      relaton-bib (~> 1.20.0)
      relaton-index (~> 0.2.0)
    relaton-jis (1.20.0)
      mechanize (~> 2.10)
      relaton-index (~> 0.2.0)
      relaton-iso-bib (~> 1.20.0)
    relaton-logger (0.2.2)
      logger (~> 1.6.0)
    relaton-nist (1.20.0)
      base64
      loc_mods (~> 0.2.0)
      pubid (~> 0.1.0)
      relaton-bib (~> 1.20.0)
      relaton-index (~> 0.2.0)
      rubyzip
    relaton-oasis (1.20.0)
      mechanize (~> 2.10)
      multi_json (~> 1.15.0)
      relaton-bib (~> 1.20.0)
      relaton-index (~> 0.2.0)
    relaton-ogc (1.20.1)
      faraday (~> 2.7.0)
      relaton-index (~> 0.2.0)
      relaton-iso-bib (~> 1.20.0)
    relaton-omg (1.20.0)
      base64
      relaton-bib (~> 1.20.0)
    relaton-plateau (1.20.0)
      base64
      relaton-bib (~> 1.20.0)
      relaton-index (~> 0.2.12)
      relaton-logger (~> 0.2.0)
    relaton-render (0.9.3)
      base64
      bigdecimal
      isodoc-i18n (~> 1.3.0)
      liquid (~> 5)
      nokogiri
      relaton-bib (>= 1.20.0)
      twitter_cldr
      tzinfo-data
    relaton-un (1.20.1)
      addressable (~> 2.8.0)
      faraday (~> 2.7.0)
      http-cookie (~> 1.0.5)
      relaton-bib (~> 1.20.0)
    relaton-w3c (1.20.1)
      relaton-bib (~> 1.20.0)
      relaton-index (~> 0.2.8)
      w3c_api (~> 0.1.3)
    relaton-xsf (1.20.0)
      mechanize (~> 2.10)
      relaton-bib (~> 1.20.0)
      relaton-index (~> 0.2.0)
    reline (0.6.2)
      io-console (~> 0.5)
    reverse_markdown (2.1.1)
      nokogiri
    rexml (3.4.3)
    roman-numerals (0.3.0)
    rouge (4.6.0)
    rspec (3.13.1)
      rspec-core (~> 3.13.0)
      rspec-expectations (~> 3.13.0)
      rspec-mocks (~> 3.13.0)
    rspec-core (3.13.5)
      rspec-support (~> 3.13.0)
    rspec-expectations (3.13.5)
      diff-lcs (>= 1.2.0, < 2.0)
      rspec-support (~> 3.13.0)
    rspec-html-matchers (0.10.0)
      nokogiri (~> 1)
      rspec (>= 3.0.0.a)
    rspec-mocks (3.13.5)
      diff-lcs (>= 1.2.0, < 2.0)
      rspec-support (~> 3.13.0)
    rspec-support (3.13.5)
    rubocop (1.80.2)
      json (~> 2.3)
      language_server-protocol (~> 3.17.0.2)
      lint_roller (~> 1.1.0)
      parallel (~> 1.10)
      parser (>= 3.3.0.2)
      rainbow (>= 2.2.2, < 4.0)
      regexp_parser (>= 2.9.3, < 3.0)
      rubocop-ast (>= 1.46.0, < 2.0)
      ruby-progressbar (~> 1.7)
      unicode-display_width (>= 2.4.0, < 4.0)
    rubocop-ast (1.46.0)
      parser (>= 3.3.7.2)
      prism (~> 1.4)
    rubocop-performance (1.26.0)
      lint_roller (~> 1.1)
      rubocop (>= 1.75.0, < 2.0)
      rubocop-ast (>= 1.44.0, < 2.0)
    ruby-graphviz (1.2.5)
      rexml
    ruby-jing (0.0.3)
      optout (>= 0.0.2)
    ruby-ole (1.2.13.1)
    ruby-progressbar (1.13.0)
    ruby2_keywords (0.0.5)
    rubyntlm (0.6.5)
      base64
    rubyzip (2.3.2)
    sawyer (0.9.2)
      addressable (>= 2.3.5)
      faraday (>= 0.17.3, < 3)
    scanf (1.0.0)
    securerandom (0.4.1)
    sequel (5.96.0)
      bigdecimal
    seven-zip (1.4.2)
    simplecov (0.22.0)
      docile (~> 1.1)
      simplecov-html (~> 0.11)
      simplecov_json_formatter (~> 0.1)
    simplecov-html (0.13.2)
    simplecov_json_formatter (0.1.4)
    socksify (1.8.1)
    sqlite3 (1.7.3-x86_64-linux)
    sterile (1.0.26)
      nokogiri (>= 1.11.7)
    stringio (3.1.7)
    strscan (3.1.5)
    sxp (2.0.0)
      matrix (~> 0.4)
      rdf (~> 3.3)
    sys-proctable (1.3.0)
      ffi (~> 1.1)
    sys-uname (1.4.1)
      ffi (~> 1.1)
      memoist3 (~> 1.0.0)
    terminal-table (3.0.2)
      unicode-display_width (>= 1.1.1, < 3)
    thor (1.4.0)
    thor-hollaback (0.2.1)
      hollaback (~> 0.1)
      thor (>= 0.19.1)
    thread_safe (0.3.6)
    time (0.4.1)
      date
    timecop (0.9.10)
    timeout (0.4.3)
    ttfunk (1.8.0)
      bigdecimal (~> 3.1)
    twitter_cldr (6.14.0)
      base64
      camertron-eprun
      cldr-plurals-runtime-rb (~> 1.1)
      tzinfo
    tzinfo (2.0.6)
      concurrent-ruby (~> 1.0)
    tzinfo-data (1.2025.2)
      tzinfo (>= 1.0.0)
    unicode-display_width (2.6.0)
    unicode-types (1.11.0)
    unitsdb (2.1.1)
      lutaml-model (~> 0.7)
      rdf (~> 3.1)
      rdf-turtle (~> 3.1)
      rubyzip (~> 2.3)
      terminal-table
      thor (~> 1.0)
    unitsml (0.5.1)
      htmlentities
      lutaml-model (~> 0.7.6)
      mml
      parslet
      unitsdb (~> 2.0)
    uuidtools (3.0.0)
    vcr (6.3.1)
      base64
    vectory (0.8.0)
      base64
      emf2svg
      image_size (>= 3.2.0)
      marcel (~> 1.0)
      nokogiri (~> 1.14)
      thor (~> 1.0)
    w3c_api (0.1.7)
      faraday
      faraday-follow_redirects
      lutaml-hal (~> 0.1.10)
      rainbow
      thor
    webmock (3.25.1)
      addressable (>= 2.8.0)
      crack (>= 0.3.2)
      hashdiff (>= 0.4.0, < 2.0.0)
    webrick (1.9.1)
    webrobots (0.1.2)
    word-to-markdown (1.1.9)
      cliver (~> 0.3)
      descriptive_statistics (~> 2.5)
      nokogiri-styles (~> 0.1)
      premailer (~> 1.8)
      reverse_markdown (>= 1, < 3)
      sys-proctable (~> 1.0)
    xmi (0.3.21)
      lutaml-model (~> 0.7)
      nokogiri
    yaml (0.4.0)
    zeitwerk (2.6.18)

PLATFORMS
  x86_64-linux

DEPENDENCIES
  byebug
  canon
  debug
  metanorma
  metanorma-plugin-plantuml!
  metanorma-standoc!
  octokit
  rake
  rspec
  rspec-html-matchers
  rubocop
  rubocop-performance
  simplecov
  timecop
  vcr
  webmock

BUNDLED WITH
   2.3.27
